GEM
  remote: https://rubygems.org/
  specs:
    digest (3.1.0)
    eth (0.5.5)
      keccak (~> 1.3)
      konstructor (~> 1.0)
      openssl (>= 2.2, < 4.0)
      rbsecp256k1 (~> 5.1)
      scrypt (~> 3.0)
    ffi (1.15.5)
    ffi-compiler (1.0.1)
      ffi (>= 1.0.0)
      rake
    json (2.6.2)
    keccak (1.3.0)
    konstructor (1.0.2)
    mini_portile2 (2.8.0)
    multi_json (1.15.0)
    mustermann (1.1.1)
      ruby2_keywords (~> 0.0.1)
    net-imap (0.2.3)
      digest
      net-protocol
      strscan
    net-pop (0.1.1)
      digest
      net-protocol
      timeout
    net-protocol (0.1.3)
      timeout
    net-smtp (0.3.1)
      digest
      net-protocol
      timeout
    nio4r (2.5.8)
    openssl (3.0.0)
    pkg-config (1.4.7)
    puma (5.6.4)
      nio4r (~> 2.0)
    rack (2.2.3.1)
    rack-protection (2.2.0)
      rack
    rake (13.0.6)
    rbsecp256k1 (5.1.0)
      mini_portile2 (~> 2.7)
      pkg-config (~> 1.4)
      rubyzip (~> 2.3)
    rmagick (4.2.5)
    ruby2_keywords (0.0.5)
    rubyzip (2.3.2)
    scrypt (3.0.7)
      ffi-compiler (>= 1.0, < 2.0)
    sinatra (2.2.0)
      mustermann (~> 1.0)
      rack (~> 2.2)
      rack-protection (= 2.2.0)
      tilt (~> 2.0)
    sinatra-contrib (2.2.0)
      multi_json
      mustermann (~> 1.0)
      rack-protection (= 2.2.0)
      sinatra (= 2.2.0)
      tilt (~> 2.0)
    sinatra-cross_origin (0.3.2)
    sinatra-reloader (1.0)
      sinatra-contrib
    strscan (3.0.3)
    tilt (2.0.10)
    timeout (0.3.0)

PLATFORMS
  ruby
  x86_64-linux

DEPENDENCIES
  eth (= 0.5.5)
  json
  net-imap
  net-pop
  net-smtp
  puma
  rmagick
  sinatra
  sinatra-cross_origin (~> 0.3.1)
  sinatra-reloader

BUNDLED WITH
   2.3.14
