GEM
  remote: https://rubygems.org/
  specs:
    digest (3.1.0)
    json (2.6.2)
    mustermann (1.1.1)
      ruby2_keywords (~> 0.0.1)
    net-imap (0.2.3)
      digest
      net-protocol
      strscan
    net-pop (0.1.1)
      digest
      net-protocol
      timeout
    net-protocol (0.1.3)
      timeout
    net-smtp (0.3.1)
      digest
      net-protocol
      timeout
    rack (2.2.3)
    rack-protection (2.2.0)
      rack
    ruby2_keywords (0.0.5)
    sinatra (2.2.0)
      mustermann (~> 1.0)
      rack (~> 2.2)
      rack-protection (= 2.2.0)
      tilt (~> 2.0)
    strscan (3.0.3)
    tilt (2.0.10)
    timeout (0.2.0)

PLATFORMS
  ruby
  x86_64-linux

DEPENDENCIES
  json
  net-imap
  net-pop
  net-smtp
  sinatra

BUNDLED WITH
   2.3.10
